GEM
  remote: http://rubygems.org/
  specs:
    activesupport (3.1.1)
      multi_json (~> 1.0)
    builder (3.0.0)
    chunky_png (1.2.5)
    compass (0.11.5)
      chunky_png (~> 1.2)
      fssm (>= 0.2.7)
      sass (~> 3.1)
    compass-susy-plugin (0.9)
      compass (>= 0.11.1)
    cri (2.0.2)
    fssm (0.2.7)
    haml (3.1.3)
    html5-boilerplate (1.0.0)
      compass (>= 0.11.1)
    i18n (0.6.0)
    mime-types (1.17.2)
    multi_json (1.0.3)
    nanoc (3.2.3)
      nanoc3 (>= 3.2.3)
    nanoc3 (3.2.3)
      cri (~> 2.0)
    pygmentize (0.0.3)
    rack (1.3.5)
    rake (0.9.2.2)
    rdiscount (1.6.8)
    sass (3.1.10)

PLATFORMS
  ruby

DEPENDENCIES
  activesupport
  builder
  compass
  compass-susy-plugin
  cri
  haml
  html5-boilerplate
  i18n
  mime-types
  nanoc
  pygmentize
  rack
  rake
  rdiscount
